GEM
  remote: https://rubygems.org/
  specs:
    colorize (0.8.1)
    json (2.5.1)

PLATFORMS
  x64-mingw32

DEPENDENCIES
  colorize (~> 0.8.1)
  json (~> 2.5)

BUNDLED WITH
   2.2.4
